RESTRICTION: >= net45
NUGET
  remote: https://www.nuget.org/api/v2
    FAKE (5.3)
    FParsec (1.0.3)
      FSharp.Core (>= 4.0.0.1)
    FSharp.Core (4.3.4)
    Fuchu (1.0.3)
      FSharp.Core (>= 3.1.2.1)
    HtmlAgilityPack (1.8.4)
    Newtonsoft.Json (11.0.2)
    Newtonsoft.Json.Bson (1.0.1)
      Newtonsoft.Json (>= 10.0.1)
    YamlDotNet (5.2.1)
