RESTRICTION: >= net45
NUGET
  remote: https://www.nuget.org/api/v2
    FAKE (4.63.2)
    FParsec (1.0.3)
      FSharp.Core (>= 4.0.0.1)
    FSharp.Core (4.2.3)
    Fuchu (1.0.3)
      FSharp.Core (>= 3.1.2.1)
    HtmlAgilityPack (1.5.5)
