STORAGE: NONE
RESTRICTION: >= net461
NUGET
  remote: https://www.nuget.org/api/v2
    FAKE (5.16)
    FParsec (1.1.1)
      FSharp.Core (>= 4.3.4)
      System.ValueTuple (>= 4.4)
    FSharp.Core (4.7.1)
    Fuchu (1.1)
      FSharp.Core (>= 4.3.4)
    HtmlAgilityPack (1.11.23)
    Newtonsoft.Json (12.0.3)
    Newtonsoft.Json.Bson (1.0.2)
      Newtonsoft.Json (>= 12.0.1)
    System.ValueTuple (4.5)
    YamlDotNet (8.1.1)

GROUP Build
NUGET
  remote: https://www.nuget.org/api/v2
    FAKE (5.16)
