STORAGE: NONE
RESTRICTION: || (== net461) (== netcoreapp3.1) (== netstandard2.0)
NUGET
  remote: https://api.nuget.org/v3/index.json
    FParsec (1.1.1)
      FSharp.Core (>= 4.3.4)
      System.ValueTuple (>= 4.4) - restriction: || (== net461) (&& (== netcoreapp3.1) (>= net45)) (&& (== netstandard2.0) (>= net45))
    FSharp.Core (4.7.2)
    Fuchu (1.1)
      FSharp.Core (>= 4.3.4)
    HtmlAgilityPack (1.11.24)
    Microsoft.Extensions.DependencyInjection.Abstractions (3.1.7)
    Microsoft.NETCore.Platforms (3.1.2) - restriction: || (&& (== net461) (>= netcoreapp2.0)) (== netcoreapp3.1) (&& (== netstandard2.0) (>= netcoreapp2.0))
    Microsoft.Win32.SystemEvents (4.7) - restriction: || (&& (== net461) (>= netcoreapp2.0)) (== netcoreapp3.1) (&& (== netstandard2.0) (>= netcoreapp2.0))
      Microsoft.NETCore.Platforms (>= 3.1) - restriction: || (&& (== net461) (>= netcoreapp2.0)) (== netcoreapp3.1) (&& (== netstandard2.0) (>= netcoreapp2.0))
    Newtonsoft.Json (12.0.3)
    Newtonsoft.Json.Bson (1.0.2)
      Newtonsoft.Json (>= 12.0.1)
    System.Drawing.Common (4.7)
      Microsoft.NETCore.Platforms (>= 3.1) - restriction: || (&& (== net461) (>= netcoreapp2.0)) (== netcoreapp3.1) (&& (== netstandard2.0) (>= netcoreapp2.0))
      Microsoft.Win32.SystemEvents (>= 4.7) - restriction: || (&& (== net461) (>= netcoreapp2.0)) (== netcoreapp3.1) (&& (== netstandard2.0) (>= netcoreapp2.0))
    System.Runtime.InteropServices.RuntimeInformation (4.3) - restriction: || (== net461) (&& (== netcoreapp3.1) (>= net461)) (&& (== netstandard2.0) (>= net461))
    System.ValueTuple (4.5) - restriction: || (== net461) (&& (== netcoreapp3.1) (>= net45)) (&& (== netstandard2.0) (>= net45))
    TextCopy (4.2)
      Microsoft.Extensions.DependencyInjection.Abstractions (>= 3.1.4)
      System.Runtime.InteropServices.RuntimeInformation (>= 4.3) - restriction: || (== net461) (&& (== netcoreapp3.1) (>= net461)) (&& (== netstandard2.0) (>= net461))
    YamlDotNet (8.1.2)
